GEM
  specs:
    celluloid 
      timers 
    colorator 
    ffi
    hitimes
    jekyll
      colorator
      jekyll-sass-converter
      jekyll-watch
      kramdown
      liquid
      mercenary
      rouge
      safe_yaml
    jekyll-compose
      jekyll (>= 2.5.0)
    jekyll-paginate
    jekyll-sass-converter
      sass
    jekyll-watch
      listen
    kramdown
    liquid
    listen
      celluloid
      rb-fsevent (>= 0.9.3)
      rb-inotify (>= 0.9)
    mercenary
    rb-fsevent
    rb-inotify
      ffi
    rouge
    safe_yaml
    sass
    timers
      hitimes

PLATFORMS
  ruby

DEPENDENCIES
  jekyll
  jekyll-compose
  jekyll-paginate

BUNDLED WITH
   2.1
